GEM
  remote: https://rubygems.org/
  specs:
    awesome_print (1.2.0)
    byebug (4.0.3)
      columnize (= 0.9.0)
    childprocess (0.5.7)
      ffi (~> 1.0, >= 1.0.11)
    columnize (0.9.0)
    ffi (1.9.10)
    mini_portile (0.6.2)
    multi_json (1.11.2)
    nokogiri (1.6.6.2)
      mini_portile (~> 0.6.0)
    rubyzip (1.1.7)
    selenium-webdriver (2.48.1)
      childprocess (~> 0.5)
      multi_json (~> 1.0)
      rubyzip (~> 1.0)
      websocket (~> 1.0)
    watir-webdriver (0.9.1)
      selenium-webdriver (>= 2.46.2)
    websocket (1.2.2)

PLATFORMS
  ruby

DEPENDENCIES
  awesome_print
  byebug
  nokogiri
  watir-webdriver
